GIT
  remote: https://github.com/ChefSteps/shopify-mock
  revision: 74132ae3a471ec29cb85547987c061e3f749fd1b
  ref: 74132ae3a471ec29cb85547987c061e3f749fd1b
  specs:
    shopify-mock (0.1.2)
      activesupport (>= 3.0.0)
      libxml-ruby (>= 0.8.3)
      rake (>= 0.8.7)
      rspec (>= 2.6.0)
      shopify_api (>= 1.2.5)
      webmock (>= 1.7.0)

GEM
  remote: https://rubygems.org/
  specs:
    actionmailer (3.2.16)
      actionpack (= 3.2.16)
      mail (~> 2.5.4)
    actionpack (3.2.16)
      activemodel (= 3.2.16)
      activesupport (= 3.2.16)
      builder (~> 3.0.0)
      erubis (~> 2.7.0)
      journey (~> 1.0.4)
      rack (~> 1.4.5)
      rack-cache (~> 1.2)
      rack-test (~> 0.6.1)
      sprockets (~> 2.2.1)
    active_model_serializers (0.9.0)
      activemodel (>= 3.2)
    activeadmin (0.6.0)
      arbre (>= 1.0.1)
      bourbon (>= 1.0.0)
      devise (>= 1.1.2)
      fastercsv
      formtastic (>= 2.0.0)
      inherited_resources (>= 1.3.1)
      jquery-rails (>= 1.0.0)
      kaminari (>= 0.13.0)
      meta_search (>= 0.9.2)
      rails (>= 3.0.0)
      sass (>= 3.1.0)
    activemodel (3.2.16)
      activesupport (= 3.2.16)
      builder (~> 3.0.0)
    activerecord (3.2.16)
      activemodel (= 3.2.16)
      activesupport (= 3.2.16)
      arel (~> 3.0.2)
      tzinfo (~> 0.3.29)
    activerecord-postgres-hstore (0.7.7)
      activerecord (>= 3.1)
      pg-hstore (>= 1.1.5)
      rake
    activeresource (3.2.16)
      activemodel (= 3.2.16)
      activesupport (= 3.2.16)
    activesupport (3.2.16)
      i18n (~> 0.6, >= 0.6.4)
      multi_json (~> 1.0)
    acts-as-taggable-on (3.4.2)
      activerecord (>= 3.2, < 5)
    acts_as_revisionable (1.2.2)
      activerecord (>= 2.3.9)
    addressable (2.3.5)
    aggregate (0.2.2)
    airbrake (4.1.0)
      builder
      multi_json
    algoliasearch (1.4.2)
      httpclient (~> 2.4)
      json (>= 1.5.1)
    algoliasearch-rails (1.12.1)
      algoliasearch (>= 1.2.14)
      json (>= 1.5.1)
    ambry (0.3.1)
    analytics-ruby (2.0.13)
    angularjs-rails (1.2.21)
    arbre (1.0.1)
      activesupport (>= 3.0.0)
    arel (3.0.3)
    asset_sync (0.5.0)
      activemodel
      fog
    attr_encrypted (1.3.4)
      encryptor (>= 1.3.0)
    autoparse (0.3.3)
      addressable (>= 2.3.1)
      extlib (>= 0.9.15)
      multi_json (>= 1.0.0)
    avatax (14.4.4)
      addressable (~> 2.3)
      json (~> 1.8)
      rest-client (~> 1.7)
    aws-sdk (2.3.2)
      aws-sdk-resources (= 2.3.2)
    aws-sdk-core (2.3.2)
      jmespath (~> 1.0)
    aws-sdk-resources (2.3.2)
      aws-sdk-core (= 2.3.2)
    aws-sdk-v1 (1.59.1)
      json (~> 1.4)
      nokogiri (>= 1.4.4)
    bcrypt-ruby (3.0.1)
    better_errors (1.1.0)
      coderay (>= 1.0.0)
      erubis (>= 2.6.6)
    bindata (2.1.0)
    binding_of_caller (0.6.8)
    bootstrap-sass-rails (2.3.1.1)
      railties (>= 3.1.0)
      sass-rails (>= 3.1.0)
    bourbon (3.1.8)
      sass (>= 3.2.0)
      thor
    builder (3.0.4)
    bullet (4.7.1)
      activesupport
      uniform_notifier (>= 1.4.0)
    cache_digests (0.2.0)
      actionpack (>= 3.2)
    cancan (1.6.10)
    capybara (2.1.0)
      mime-types (>= 1.16)
      nokogiri (>= 1.3.3)
      rack (>= 1.0.0)
      rack-test (>= 0.5.4)
      xpath (~> 2.0)
    childprocess (0.3.6)
      ffi (~> 1.0, >= 1.0.6)
    choice (0.1.6)
    chunky_png (1.2.6)
    client_side_validations (3.2.5)
    client_side_validations-formtastic (2.2.1)
      client_side_validations (~> 3.2.0)
      formtastic (~> 2.2.0)
    coderay (1.0.9)
    coffee-filter (0.1.3)
      coffee-script (>= 2.2.0)
      haml (< 4.0)
    coffee-rails (3.2.2)
      coffee-script (>= 2.2.0)
      railties (~> 3.2.0)
    coffee-script (2.2.0)
      coffee-script-source
      execjs
    coffee-script-source (1.3.3)
    columnize (0.9.0)
    comma (3.0.4)
    compass (0.12.2)
      chunky_png (~> 1.2)
      fssm (>= 0.2.7)
      sass (~> 3.1)
    compass-rails (1.0.3)
      compass (>= 0.12.2, < 0.14)
    coverband (1.0.3)
      json
      redis
      simplecov
    coverband_ext (1.0.1)
      coverband
    crack (0.4.2)
      safe_yaml (~> 1.0.0)
    crass (1.0.1)
    daemons (1.1.9)
    dalli (2.2.1)
    database_cleaner (0.9.1)
    debugger (1.6.8)
      columnize (>= 0.3.1)
      debugger-linecache (~> 1.2.0)
      debugger-ruby_core_source (~> 1.3.5)
    debugger-linecache (1.2.0)
    debugger-ruby_core_source (1.3.8)
    decent_exposure (1.0.2)
    devise (2.1.2)
      bcrypt-ruby (~> 3.0)
      orm_adapter (~> 0.1)
      railties (~> 3.1)
      warden (~> 1.2.1)
    diff-lcs (1.2.4)
    docile (1.1.1)
    domain_name (0.5.25)
      unf (>= 0.0.5, < 1.0.0)
    em-websocket (0.5.0)
      eventmachine (>= 0.12.9)
      http_parser.rb (~> 0.5.3)
    encryptor (1.3.0)
    erubis (2.7.0)
    ethon (0.5.12)
      ffi (>= 1.3.0)
      mime-types (~> 1.18)
    eventmachine (1.0.3)
    excon (0.25.3)
    execjs (1.4.0)
      multi_json (~> 1.0)
    extlib (0.9.16)
    fabrication (2.5.0)
    faraday (0.8.11)
      multipart-post (~> 1.2.0)
    fastercsv (1.5.5)
    faye-websocket (0.4.7)
      eventmachine (>= 0.12.0)
    ffi (1.8.1)
    filepicker-rails (0.0.2)
      railties (>= 3.1.0, < 5.0)
    fog (1.6.0)
      builder
      excon (~> 0.14)
      formatador (~> 0.2.0)
      mime-types
      multi_json (~> 1.0)
      net-scp (~> 1.0.4)
      net-ssh (>= 2.1.3)
      nokogiri (~> 1.5.0)
      ruby-hmac
    formatador (0.2.3)
    formtastic (2.2.1)
      actionpack (>= 3.0)
    friendly_id (4.0.9)
    fssm (0.2.9)
    geokit (1.9.0)
      multi_json (>= 1.3.2)
    geokit-rails (2.0.1)
      geokit (~> 1.5)
      rails (>= 3.0)
    gibbon (1.1.1)
      httparty
      multi_json (>= 1.3.4)
    google-api-client (0.6.4)
      addressable (>= 2.3.2)
      autoparse (>= 0.3.3)
      extlib (>= 0.9.15)
      faraday (~> 0.8.4)
      jwt (>= 0.1.5)
      launchy (>= 2.1.1)
      multi_json (>= 1.0.0)
      signet (~> 0.4.5)
      uuidtools (>= 2.1.0)
    gravatar_image_tag (1.1.3)
    gravtastic (3.2.6)
    growl (1.0.3)
    guard (1.5.4)
      listen (>= 0.4.2)
      lumberjack (>= 1.0.2)
      pry (>= 0.9.10)
      thor (>= 0.14.6)
    guard-jasmine (1.18.3)
      childprocess
      guard (>= 1.1.0)
      multi_json
      thor
      tilt
    guard-livereload (1.3.0)
      em-websocket (>= 0.2.0)
      guard (>= 1.5.0)
      multi_json (~> 1.0)
    guard-pow (1.0.0)
      guard (>= 1.1)
    guard-resque (0.0.5)
      guard (>= 0.8)
      resque
    guard-rspec (2.5.4)
      guard (>= 1.1)
      rspec (~> 2.11)
    guard-spork (1.5.1)
      childprocess (>= 0.2.3)
      guard (>= 1.1)
      spork (>= 0.8.4)
    haml (3.1.7)
    hamlbars (1.1.0)
      execjs (>= 1.2)
      haml
      sprockets
      tilt
    has_scope (0.5.1)
    hashids (1.0.2)
    hashie (1.2.0)
    heroku-api (0.3.15)
      excon (~> 0.25.1)
    heroku_san (4.3.2)
      heroku-api (>= 0.1.2)
      json
      rake
    hetchy (1.0.0)
    hike (1.2.3)
    http-cookie (1.0.2)
      domain_name (~> 0.5)
    http_parser.rb (0.5.3)
    httparty (0.9.0)
      multi_json (~> 1.0)
      multi_xml
    httpauth (0.2.0)
    httpclient (2.6.0.1)
    i18n (0.7.0)
    inherited_resources (1.4.0)
      has_scope (~> 0.5.0)
      responders (~> 0.9)
    jasminerice (0.0.10)
      coffee-rails
      haml
    jmespath (1.2.4)
      json_pure (>= 1.8.1)
    journey (1.0.4)
    jquery-rails (2.2.1)
      railties (>= 3.0, < 5.0)
      thor (>= 0.14, < 2.0)
    jquery-ui-rails (4.0.1)
      jquery-rails
      railties (>= 3.1.0)
    jruby-pageant (1.1.1)
    json (1.8.3)
    json-jwt (0.7.1)
      activesupport
      bindata
      multi_json (>= 1.3)
      securecompare
      url_safe_base64
    json_pure (1.8.3)
    jwt (0.1.5)
      multi_json (>= 1.0)
    kaminari (0.14.1)
      actionpack (>= 3.0.0)
      activesupport (>= 3.0.0)
    kgio (2.9.2)
    koala (2.2.0)
      addressable
      faraday
      multi_json
    launchy (2.4.2)
      addressable (~> 2.3)
    letter_opener (1.0.0)
      launchy (>= 2.0.4)
    librato-metrics (1.6.1)
      aggregate (~> 0.2.2)
      faraday (~> 0.7)
      multi_json
    librato-rack (1.0.1)
      hetchy (~> 1.0)
      librato-metrics (~> 1.6)
    librato-rails (1.4.1)
      activesupport (>= 3.0)
      librato-rack (~> 1.0.1)
      railties (>= 3.0)
    libxml-ruby (2.8.0)
    listen (0.7.3)
    lumberjack (1.0.4)
    mail (2.5.4)
      mime-types (~> 1.16)
      treetop (~> 1.4.8)
    memcachier (0.0.1)
    merit (1.6.1)
      ambry (~> 0.3.0)
    meta_search (1.1.3)
      actionpack (~> 3.1)
      activerecord (~> 3.1)
      activesupport (~> 3.1)
      polyamorous (~> 0.5.0)
    method_source (0.8.1)
    mime-types (1.25.1)
    mixpanel-ruby (1.2.0)
    mixpanel_client (3.1.2)
      typhoeus (~> 0.5.4)
    mono_logger (1.1.0)
    multi_json (1.12.1)
    multi_xml (0.5.1)
    multipart-post (1.2.0)
    nested-hstore (0.0.1)
      activerecord
      activerecord-postgres-hstore
      activesupport
    net-scp (1.0.4)
      net-ssh (>= 1.99.1)
    net-ssh (2.6.0)
      jruby-pageant (>= 1.1.1)
    netrc (0.10.3)
    newrelic_route_check (0.0.3)
    newrelic_rpm (3.12.0.288)
    nokogiri (1.5.9)
    nokogumbo (1.2.0)
      nokogiri
    nori (2.3.0)
    oauth2 (0.8.0)
      faraday (~> 0.8)
      httpauth (~> 0.1)
      jwt (~> 0.1.4)
      multi_json (~> 1.0)
      rack (~> 1.2)
    omniauth (1.1.1)
      hashie (~> 1.2)
      rack
    omniauth-facebook (1.4.1)
      omniauth-oauth2 (~> 1.1.0)
    omniauth-oauth2 (1.1.1)
      oauth2 (~> 0.8.0)
      omniauth (~> 1.0)
    orm_adapter (0.4.0)
    paranoia (1.3.4)
      activerecord (~> 3.1)
    pg (0.14.1)
    pg-hstore (1.2.0)
    pg_search (0.5.7)
      activerecord (>= 3)
      activesupport (>= 3)
    poltergeist (1.3.0)
      capybara (~> 2.1.0)
      faye-websocket (>= 0.4.4, < 0.5.0)
      http_parser.rb (~> 0.5.3)
    polyamorous (0.5.0)
      activerecord (~> 3.0)
    polyglot (0.3.5)
    prerender_rails (1.2.0)
      activesupport
      rack
    pry (0.9.10)
      coderay (~> 1.0.5)
      method_source (~> 0.8)
      slop (~> 3.3.1)
    rack (1.4.7)
    rack-access-control-headers (0.0.3)
    rack-attack (4.3.0)
      rack
    rack-cache (1.6.1)
      rack (>= 0.4)
    rack-contrib (1.1.0)
      rack (>= 0.9.1)
    rack-cors (0.2.7)
      rack
    rack-host-redirect (1.2.1)
      rack
    rack-protection (1.5.3)
      rack
    rack-proxy (0.5.17)
      rack
    rack-ssl (1.3.4)
      rack
    rack-ssl-enforcer (0.2.6)
    rack-test (0.6.3)
      rack (>= 1.0)
    rack-timeout (0.1.1)
    rails (3.2.16)
      actionmailer (= 3.2.16)
      actionpack (= 3.2.16)
      activerecord (= 3.2.16)
      activeresource (= 3.2.16)
      activesupport (= 3.2.16)
      bundler (~> 1.0)
      railties (= 3.2.16)
    rails-erd (1.1.0)
      activerecord (>= 3.0)
      activesupport (>= 3.0)
      choice (~> 0.1.6)
      ruby-graphviz (~> 1.0.4)
    railties (3.2.16)
      actionpack (= 3.2.16)
      activesupport (= 3.2.16)
      rack-ssl (~> 1.3.2)
      rake (>= 0.8.7)
      rdoc (~> 3.4)
      thor (>= 0.14.6, < 2.0)
    raindrops (0.13.0)
    rake (11.2.2)
    rb-fsevent (0.9.1)
    rdiscount (1.6.8)
    rdoc (3.12.2)
      json (~> 1.4)
    redcarpet (3.0.0)
    redis (3.2.0)
    redis-namespace (1.5.1)
      redis (~> 3.0, >= 3.0.4)
    responders (0.9.3)
      railties (~> 3.1)
    resque (1.25.2)
      mono_logger (~> 1.0)
      multi_json (~> 1.0)
      redis-namespace (~> 1.3)
      sinatra (>= 0.9.2)
      vegas (~> 0.1.2)
    rest-client (1.8.0)
      http-cookie (>= 1.0.2, < 2.0)
      mime-types (>= 1.16, < 3.0)
      netrc (~> 0.7)
    rspec (2.13.0)
      rspec-core (~> 2.13.0)
      rspec-expectations (~> 2.13.0)
      rspec-mocks (~> 2.13.0)
    rspec-core (2.13.1)
    rspec-expectations (2.13.0)
      diff-lcs (>= 1.1.3, < 2.0)
    rspec-mocks (2.13.1)
    rspec-rails (2.13.2)
      actionpack (>= 3.0)
      activesupport (>= 3.0)
      railties (>= 3.0)
      rspec-core (~> 2.13.0)
      rspec-expectations (~> 2.13.0)
      rspec-mocks (~> 2.13.0)
    ruby-graphviz (1.0.8)
    ruby-hmac (0.4.0)
    safe_yaml (1.0.4)
    sanitize (3.1.2)
      crass (~> 1.0.1)
      nokogiri (>= 1.4.4)
      nokogumbo (= 1.2.0)
    sass (3.2.6)
    sass-rails (3.2.6)
      railties (~> 3.2.0)
      sass (>= 3.1.10)
      tilt (~> 1.3)
    securecompare (1.0.0)
    select2-rails (3.5.2)
      thor (~> 0.14)
    semverse (1.2.1)
    shopify_api (4.2.2)
      activeresource
      rack
    showdown-rails (0.0.3)
      actionpack (>= 3.1)
      railties (>= 3.1)
    signet (0.4.5)
      addressable (>= 2.2.3)
      faraday (~> 0.8.1)
      jwt (>= 0.1.5)
      multi_json (>= 1.0.0)
    simple-rss (1.2.3)
    simplecov (0.8.2)
      docile (~> 1.1.0)
      multi_json
      simplecov-html (~> 0.8.0)
    simplecov-html (0.8.0)
    sinatra (1.4.5)
      rack (~> 1.4)
      rack-protection (~> 1.4)
      tilt (~> 1.3, >= 1.3.4)
    slack-notifier (1.5.1)
    slop (3.3.3)
    spork (1.0.0rc3)
    spork-rails (3.2.0)
      rails (>= 3.0.0, < 3.3.0)
      spork (>= 1.0rc0)
    spring (1.0.0)
    sprockets (2.2.3)
      hike (~> 1.2)
      multi_json (~> 1.0)
      rack (~> 1.0)
      tilt (~> 1.1, != 1.3.0)
    stripe (1.30.2)
      json (~> 1.8.1)
      rest-client (~> 1.4)
    terminal-notifier-guard (1.5.3)
    thin (1.5.0)
      daemons (>= 1.0.9)
      eventmachine (>= 0.12.6)
      rack (>= 1.0.0)
    thor (0.19.1)
    tilt (1.4.1)
    timecop (0.8.1)
    treetop (1.4.15)
      polyglot
      polyglot (>= 0.3.1)
    turbo-sprockets-rails3 (0.3.6)
      railties (> 3.2.8, < 4.0.0)
      sprockets (>= 2.0.0)
    typhoeus (0.5.4)
      ethon (~> 0.5.7)
    tzinfo (0.3.43)
    uglifier (1.3.0)
      execjs (>= 0.3.0)
      multi_json (~> 1.0, >= 1.0.2)
    unf (0.1.4)
      unf_ext
    unf_ext (0.0.7.1)
    unicorn (4.8.3)
      kgio (~> 2.6)
      rack
      raindrops (~> 0.7)
    uniform_notifier (1.4.0)
    url_safe_base64 (0.2.2)
    uuidtools (2.1.4)
    vegas (0.1.11)
      rack (>= 1.0.0)
    warden (1.2.1)
      rack (>= 1.0)
    webmock (1.17.4)
      addressable (>= 2.2.7)
      crack (>= 0.3.2)
    xpath (2.0.0)
      nokogiri (~> 1.3)

PLATFORMS
  ruby

DEPENDENCIES
  active_model_serializers
  activeadmin
  acts-as-taggable-on
  acts_as_revisionable
  airbrake
  algoliasearch-rails
  analytics-ruby
  angularjs-rails
  asset_sync
  attr_encrypted (= 1.3.4)
  avatax
  aws-sdk (~> 2)
  aws-sdk-v1
  better_errors
  binding_of_caller
  bootstrap-sass-rails
  bullet
  cache_digests
  cancan
  capybara
  childprocess (= 0.3.6)
  client_side_validations
  client_side_validations-formtastic
  coffee-filter
  coffee-rails (~> 3.2.1)
  comma
  compass-rails
  coverband (= 1.0.3)
  coverband_ext (= 1.0.1)
  dalli
  database_cleaner
  debugger
  decent_exposure
  devise
  fabrication
  faraday
  filepicker-rails
  friendly_id
  geokit-rails
  gibbon
  google-api-client
  gravatar_image_tag
  gravtastic
  growl
  guard
  guard-jasmine
  guard-livereload
  guard-pow
  guard-resque
  guard-rspec
  guard-spork
  haml
  hamlbars
  has_scope
  hashids
  heroku_san
  httparty
  jasminerice
  jquery-rails
  jquery-ui-rails
  json-jwt
  kaminari
  koala
  launchy
  letter_opener
  librato-rack
  librato-rails
  listen
  memcachier
  merit
  meta_search
  mixpanel-ruby
  mixpanel_client
  nested-hstore
  newrelic_route_check
  newrelic_rpm
  nori
  oauth2
  omniauth
  omniauth-facebook
  paranoia (~> 1.0)
  pg
  pg_search
  poltergeist
  prerender_rails
  pry
  rack-access-control-headers
  rack-attack (= 4.3.0)
  rack-contrib
  rack-cors
  rack-host-redirect
  rack-proxy
  rack-ssl-enforcer
  rack-timeout
  rails (= 3.2.16)
  rails-erd
  railties (= 3.2.16)
  rb-fsevent
  rdiscount
  redcarpet
  resque
  rest-client
  rspec-rails
  sanitize
  sass-rails (~> 3.2.3)
  select2-rails
  semverse (= 1.2.1)
  shopify-mock!
  shopify_api
  showdown-rails
  simple-rss
  simplecov
  slack-notifier
  spork-rails
  spring
  stripe
  terminal-notifier-guard
  thin
  timecop
  turbo-sprockets-rails3
  uglifier (>= 1.0.3)
  unicorn
  webmock
